GEM
  remote: https://rubygems.org/
  specs:
    bcrypt (3.1.18)
    coderay (1.1.3)
    erubis (2.7.0)
    fileutils (1.6.0)
    method_source (1.0.0)
    minitest (5.16.3)
    multi_json (1.15.0)
    mustermann (2.0.2)
      ruby2_keywords (~> 0.0.1)
    pry (0.14.1)
      coderay (~> 1.1)
      method_source (~> 1.0)
    rack (2.2.5)
    rack-protection (2.2.3)
      rack
    ruby2_keywords (0.0.5)
    sinatra (2.2.3)
      mustermann (~> 2.0)
      rack (~> 2.2)
      rack-protection (= 2.2.3)
      tilt (~> 2.0)
    sinatra-contrib (2.2.3)
      multi_json
      mustermann (~> 2.0)
      rack-protection (= 2.2.3)
      sinatra (= 2.2.3)
      tilt (~> 2.0)
    tilt (2.0.11)
    yaml (0.2.0)

PLATFORMS
  arm64-darwin-20
  ruby

DEPENDENCIES
  bcrypt
  erubis
  fileutils
  minitest
  pry
  sinatra (~> 2.2.3)
  sinatra-contrib
  yaml

RUBY VERSION
   ruby 2.7.2p137

BUNDLED WITH
   2.2.19
