GEM
  remote: https://rubygems.org/
  specs:
    coderay (1.1.3)
    erubis (2.7.0)
    method_source (1.0.0)
    minitest (5.17.0)
    multi_json (1.15.0)
    mustermann (3.0.0)
      ruby2_keywords (~> 0.0.1)
    pry (0.14.1)
      coderay (~> 1.1)
      method_source (~> 1.0)
    rack (2.2.6.2)
    rack-protection (3.0.5)
      rack
    ruby2_keywords (0.0.5)
    sinatra (3.0.5)
      mustermann (~> 3.0)
      rack (~> 2.2, >= 2.2.4)
      rack-protection (= 3.0.5)
      tilt (~> 2.0)
    sinatra-contrib (3.0.5)
      multi_json
      mustermann (~> 3.0)
      rack-protection (= 3.0.5)
      sinatra (= 3.0.5)
      tilt (~> 2.0)
    tilt (2.0.11)

PLATFORMS
  arm64-darwin-20
  x86_64-darwin-16
  x86_64-linux

DEPENDENCIES
  erubis
  minitest
  pry
  rack
  sinatra
  sinatra-contrib

RUBY VERSION
   ruby 2.7.2p137

BUNDLED WITH
   2.2.19
